PATH
  remote: .
  specs:
    ecco (0.1.0)
      curb (~> 0.9)
      nokogiri (~> 1.7)

GEM
  remote: https://rubygems.org/
  specs:
    curb (0.9.3)
    mini_portile2 (2.1.0)
    minitest (5.10.1)
    nokogiri (1.7.0.1)
      mini_portile2 (~> 2.1.0)
    rake (10.5.0)

PLATFORMS
  ruby

DEPENDENCIES
  bundler (~> 1.14)
  ecco!
  minitest (~> 5.0)
  rake (~> 10.0)

BUNDLED WITH
   1.14.5
